GIT
  remote: git://github.com/eric1234/taps.git
  revision: 2e4a454b6b93db1a99c511aa875dad6b8f573291
  branch: patch-1
  specs:
    taps (0.3.24)
      rack (>= 1.0.1)
      rest-client (>= 1.4.0, < 1.7.0)
      sequel (~> 3.20.0)
      sinatra (~> 1.0.0)

GEM
  specs:
    mime-types (3.1)
      mime-types-data (~> 3.2015)
    mime-types-data (3.2016.0521)
    pg (0.18.4)
    rack (1.0.1)
    rest-client (1.6.7)
      mime-types (>= 1.16)
    sequel (3.20.0)
    sinatra (1.0)
      rack (>= 1.0)
    sqlite3 (1.3.11)

PLATFORMS
  ruby

DEPENDENCIES
  pg
  rack (= 1.0.1)
  sqlite3
  taps!

BUNDLED WITH
   1.12.5
